GIT
  remote: git://github.com/nulayer/subexec.git
  revision: f4b1d74612e3f9d3c94653aa4670b1f87e6201c8
  specs:
    subexec (0.2.0)

GIT
  remote: git://github.com/probablycorey/mini_magick.git
  revision: f885aeeb0de12a2167b0b930973f0fe7d8baea1f
  specs:
    mini_magick (3.3)
      subexec (~> 0.2.0)

GEM
  remote: http://rubygems.org/
  specs:
    i18n (0.6.0)
    mail (2.3.0)
      i18n (>= 0.4.0)
      mime-types (~> 1.16)
      treetop (~> 1.4.8)
    mechanize (2.0.1)
      net-http-digest_auth (~> 1.1, >= 1.1.1)
      net-http-persistent (~> 1.8)
      nokogiri (~> 1.4)
      webrobots (~> 0.0, >= 0.0.9)
    mime-types (1.17.2)
    net-http-digest_auth (1.1.1)
    net-http-persistent (1.9)
    nokogiri (1.5.0)
    nokogiri (1.5.0-x86-mingw32)
    polyglot (0.3.3)
    pony (1.3)
      mail (> 2.0)
    progressbar (0.9.1)
    psych (1.2.2)
    rubyzip (0.9.4)
    treetop (1.4.10)
      polyglot
      polyglot (>= 0.3.1)
    webrobots (0.0.12)
      nokogiri (>= 1.4.4)

PLATFORMS
  ruby
  x86-mingw32

DEPENDENCIES
  mechanize
  mini_magick!
  pony
  progressbar
  psych
  rubyzip
  subexec!
